PATH
  remote: .
  specs:
    zinc (0.0.1)
      rest-client (~> 1.4)

GEM
  remote: https://rubygems.org/
  specs:
    diff-lcs (1.1.3)
    mime-types (1.21)
    rake (10.0.3)
    rest-client (1.6.7)
      mime-types (>= 1.16)
    rspec (2.10.0)
      rspec-core (~> 2.10.0)
      rspec-expectations (~> 2.10.0)
      rspec-mocks (~> 2.10.0)
    rspec-core (2.10.1)
    rspec-expectations (2.10.0)
      diff-lcs (~> 1.1.3)
    rspec-mocks (2.10.1)

PLATFORMS
  ruby

DEPENDENCIES
  rake
  rspec
  zinc!
